PATH
  remote: .
  specs:
    longjumper-esv (0.1.0)
      longjump

GEM
  remote: https://rubygems.org/
  specs:
    longjump (0.1.0)
    minitest (5.14.4)
    rake (10.5.0)

PLATFORMS
  ruby

DEPENDENCIES
  bundler (~> 1.17)
  longjumper-esv!
  minitest (~> 5.0)
  rake (~> 10.0)

BUNDLED WITH
   1.17.2
